PATH
  remote: .
  specs:
    veye (0.1.1)
      awesome_print (>= 1.6)
      contracts (>= 0.11)
      gli (> 2.13)
      rainbow (>= 2.0)
      render-as-markdown
      rest-client (>= 1.8)
      terminal-table (>= 1.4)

GEM
  remote: https://rubygems.org/
  specs:
    addressable (2.3.8)
    ansi (1.5.0)
    aruba (0.7.1)
      childprocess (>= 0.3.6)
      cucumber (>= 1.1.1)
      rspec-expectations (>= 2.7.0)
    ast (2.1.0)
    astrolabe (1.3.1)
      parser (~> 2.2)
    awesome_print (1.6.1)
    builder (3.2.2)
    childprocess (0.5.6)
      ffi (~> 1.0, >= 1.0.11)
    contracts (0.11.0)
    crack (0.4.2)
      safe_yaml (~> 1.0.0)
    cucumber (2.0.0)
      builder (>= 2.1.2)
      cucumber-core (~> 1.1.3)
      diff-lcs (>= 1.1.3)
      gherkin (~> 2.12)
      multi_json (>= 1.7.5, < 2.0)
      multi_test (>= 0.1.2)
    cucumber-core (1.1.3)
      gherkin (~> 2.12.0)
    diff-lcs (1.2.5)
    domain_name (0.5.24)
      unf (>= 0.0.5, < 1.0.0)
    ffi (1.9.10)
    gherkin (2.12.2)
      multi_json (~> 1.3)
    gli (2.13.1)
    http-cookie (1.0.2)
      domain_name (~> 0.5)
    json (1.8.3)
    mime-types (2.6.1)
    minitest (5.7.0)
    minitest-reporters (1.0.17)
      ansi
      builder
      minitest (>= 5.0)
      ruby-progressbar
    multi_json (1.11.1)
    multi_test (0.1.2)
    netrc (0.10.3)
    parser (2.2.2.6)
      ast (>= 1.1, < 3.0)
    powerpack (0.1.1)
    rainbow (2.0.0)
    rake (10.4.2)
    rdoc (4.2.0)
      json (~> 1.4)
    render-as-markdown (0.0.6)
    rest-client (1.8.0)
      http-cookie (>= 1.0.2, < 2.0)
      mime-types (>= 1.16, < 3.0)
      netrc (~> 0.7)
    rspec-expectations (3.3.0)
      diff-lcs (>= 1.2.0, < 2.0)
      rspec-support (~> 3.3.0)
    rspec-support (3.3.0)
    rubocop (0.33.0)
      astrolabe (~> 1.3)
      parser (>= 2.2.2.5, < 3.0)
      powerpack (~> 0.1)
      rainbow (>= 1.99.1, < 3.0)
      ruby-progressbar (~> 1.4)
    ruby-progressbar (1.7.5)
    safe_yaml (1.0.4)
    terminal-table (1.5.2)
    unf (0.1.4)
      unf_ext
    unf_ext (0.0.7.1)
    vcr (2.9.3)
    webmock (1.21.0)
      addressable (>= 2.3.6)
      crack (>= 0.3.2)

PLATFORMS
  ruby

DEPENDENCIES
  aruba (>= 0.7)
  minitest (>= 5.7)
  minitest-reporters (>= 1.0)
  rake (>= 10.4)
  rdoc (~> 4.2)
  rubocop (>= 0.33)
  vcr (>= 2.9)
  veye!
  webmock (>= 1.21)

BUNDLED WITH
   1.10.5
